PATH
  remote: .
  specs:
    uri_template (0.5.2)

GEM
  remote: http://rubygems.org/
  specs:
    abstract_type (0.0.2)
    adamantium (0.0.5)
      backports (~> 2.7.0)
      ice_nine (~> 0.6.0)
    addressable (2.3.2)
    backports (2.7.1)
    colorize (0.5.8)
    coveralls (0.5.6)
      colorize
      json
      rest-client
      simplecov (>= 0.7)
      thor
    descendants_tracker (0.0.1)
    diff-lcs (1.1.3)
    equalizer (0.0.3)
      adamantium (~> 0.0.5)
      backports (~> 2.7.0)
    escape_utils (0.2.4)
    hirb (0.7.1)
    ice_nine (0.6.0)
    json (1.7.7)
    mbj-inflector (0.0.2)
    mime-types (1.21)
    multi_json (1.5.0)
    mutant (0.2.16)
      abstract_type (~> 0.0.2)
      adamantium (~> 0.0.4)
      backports (~> 2.6)
      descendants_tracker (~> 0.0.1)
      diff-lcs (~> 1.1.3)
      equalizer (~> 0.0.1)
      ice_nine (~> 0.6.0)
      mbj-inflector (~> 0.0.1)
      to_source (~> 0.2.14)
    mutant-melbourne (2.0.3)
    rake (10.0.3)
    redcarpet (2.2.2)
    rest-client (1.6.7)
      mime-types (>= 1.16)
    rspec (2.12.0)
      rspec-core (~> 2.12.0)
      rspec-expectations (~> 2.12.0)
      rspec-mocks (~> 2.12.0)
    rspec-core (2.12.2)
    rspec-expectations (2.12.1)
      diff-lcs (~> 1.1.3)
    rspec-mocks (2.12.2)
    simplecov (0.7.1)
      multi_json (~> 1.0)
      simplecov-html (~> 0.7.1)
    simplecov-console (0.1.1)
      colorize
      hirb
      simplecov
    simplecov-html (0.7.1)
    thor (0.17.0)
    to_source (0.2.18)
      abstract_type (~> 0.0.2)
      adamantium (~> 0.0.5)
      equalizer (~> 0.0.3)
      mutant-melbourne (~> 2.0.3)
    yard (0.8.4)

PLATFORMS
  java
  ruby

DEPENDENCIES
  addressable
  bundler
  coveralls
  escape_utils
  multi_json
  mutant
  rake
  redcarpet
  rspec
  simplecov-console
  uri_template!
  yard
