PATH
  remote: .
  specs:
    uri_template (0.3.0)

GEM
  remote: http://rubygems.org/
  specs:
    diff-lcs (1.1.3)
    escape_utils (0.2.4)
    multi_json (1.3.6)
    rake (0.9.2.2)
    rspec (2.10.0)
      rspec-core (~> 2.10.0)
      rspec-expectations (~> 2.10.0)
      rspec-mocks (~> 2.10.0)
    rspec-core (2.10.1)
    rspec-expectations (2.10.0)
      diff-lcs (~> 1.1.3)
    rspec-mocks (2.10.1)
    simplecov (0.6.4)
      multi_json (~> 1.0)
      simplecov-html (~> 0.5.3)
    simplecov-html (0.5.3)
    yard (0.8.2.1)

PLATFORMS
  java
  ruby

DEPENDENCIES
  bundler
  escape_utils
  multi_json
  rake
  rspec
  simplecov
  uri_template!
  yard
